GEM
  remote: https://rubygems.org/
  specs:
    diff-lcs (1.2.5)
    lorem_ipsum_amet (0.6.2)
    puma (2.9.1)
      rack (>= 1.1, < 2.0)
    rack (1.5.2)
    rake (10.1.1)
    rspec (3.2.0)
      rspec-core (~> 3.2.0)
      rspec-expectations (~> 3.2.0)
      rspec-mocks (~> 3.2.0)
    rspec-core (3.2.3)
      rspec-support (~> 3.2.0)
    rspec-expectations (3.2.1)
      diff-lcs (>= 1.2.0, < 2.0)
      rspec-support (~> 3.2.0)
    rspec-mocks (3.2.1)
      diff-lcs (>= 1.2.0, < 2.0)
      rspec-support (~> 3.2.0)
    rspec-support (3.2.2)

PLATFORMS
  ruby

DEPENDENCIES
  lorem_ipsum_amet
  puma
  rack
  rake
  rspec
